GEM
  remote: https://rubygems.org/
  specs:
    execjs (2.4.0)
    json (1.8.2)
    uglifier (2.7.1)
      execjs (>= 0.3.0)
      json (>= 1.8.0)

PLATFORMS
  ruby

DEPENDENCIES
  uglifier
